GEM
  remote: https://rubygems.org/
  specs:
    ast (2.3.0)
    coderay (1.1.2)
    figaro (1.1.1)
      thor (~> 0.14)
    httparty (0.15.6)
      multi_xml (>= 0.5.2)
    method_source (0.9.0)
    multi_xml (0.6.0)
    mustermann (1.0.1)
    parallel (1.12.0)
    parser (2.4.0.0)
      ast (~> 2.2)
    powerpack (0.1.1)
    pry (0.11.1)
      coderay (~> 1.1.0)
      method_source (~> 0.9.0)
    rack (2.0.3)
    rack-protection (2.0.0)
      rack
    rainbow (2.2.2)
      rake
    rake (12.1.0)
    rubocop (0.50.0)
      parallel (~> 1.10)
      parser (>= 2.3.3.1, < 3.0)
      powerpack (~> 0.1)
      rainbow (>= 2.2.2, < 3.0)
      ruby-progressbar (~> 1.7)
      unicode-display_width (~> 1.0, >= 1.0.1)
    ruby-progressbar (1.9.0)
    sinatra (2.0.0)
      mustermann (~> 1.0)
      rack (~> 2.0)
      rack-protection (= 2.0.0)
      tilt (~> 2.0)
    thor (0.20.0)
    tilt (2.0.8)
    unicode-display_width (1.3.0)

PLATFORMS
  ruby

DEPENDENCIES
  figaro (~> 1.1, >= 1.1.1)
  httparty (~> 0.15.6)
  pry (~> 0.11.1)
  rubocop (~> 0.50.0)
  sinatra (~> 2.0)

RUBY VERSION
   ruby 2.4.2p198

BUNDLED WITH
   1.16.0.pre.3
